PATH
  remote: .
  specs:
    invoke_call (0.1.0)
      thor

GEM
  remote: https://rubygems.org/
  specs:
    minitest (5.8.0)
    rake (10.4.2)
    thor (0.19.1)

PLATFORMS
  ruby

DEPENDENCIES
  bundler (~> 1.8)
  invoke_call!
  minitest
  rake (~> 10.0)
