PATH
  remote: .
  specs:
    invoke_call (0.1.0)
      thor

GEM
  remote: https://rubygems.org/
  specs:
    coderay (1.1.0)
    method_source (0.8.2)
    minitest (5.7.0)
    pry (0.10.1)
      coderay (~> 1.1.0)
      method_source (~> 0.8.1)
      slop (~> 3.4)
    rake (10.4.2)
    slop (3.6.0)
    thor (0.19.1)

PLATFORMS
  ruby

DEPENDENCIES
  bundler (~> 1.8)
  invoke_call!
  minitest
  pry
  rake (~> 10.0)
